GEM
  remote: https://rubygems.org/
  specs:
    activesupport (5.0.2)
      concurrent-ruby (~> 1.0, >= 1.0.2)
      i18n (~> 0.7)
      minitest (~> 5.1)
      tzinfo (~> 1.1)
    clockwork (2.0.1)
      activesupport
      tzinfo
    concurrent-ruby (1.0.5)
    httparty (0.14.0)
      multi_xml (>= 0.5.2)
    i18n (0.8.1)
    minitest (5.10.1)
    multi_xml (0.6.0)
    oj (2.18.3)
    redis (3.3.3)
    thread_safe (0.3.6)
    tzinfo (1.2.2)
      thread_safe (~> 0.1)

PLATFORMS
  ruby

DEPENDENCIES
  clockwork
  httparty
  oj
  redis

BUNDLED WITH
   1.13.6
